GEM
  remote: https://rubygems.org/
  specs:
    coderay (1.1.2)
    diff-lcs (1.3)
<<<<<<< HEAD
    method_source (0.9.2)
    pry (0.12.2)
      coderay (~> 1.1.0)
      method_source (~> 0.9.0)
=======
    method_source (1.0.0)
    pry (0.13.0)
      coderay (~> 1.1)
      method_source (~> 1.0)
>>>>>>> cbd261811a3d3aac5796501b9c748d421d4060e1
    rspec (3.9.0)
      rspec-core (~> 3.9.0)
      rspec-expectations (~> 3.9.0)
      rspec-mocks (~> 3.9.0)
    rspec-core (3.9.1)
      rspec-support (~> 3.9.1)
    rspec-expectations (3.9.1)
      diff-lcs (>= 1.2.0, < 2.0)
      rspec-support (~> 3.9.0)
    rspec-mocks (3.9.1)
      diff-lcs (>= 1.2.0, < 2.0)
      rspec-support (~> 3.9.0)
    rspec-support (3.9.2)

PLATFORMS
  ruby

DEPENDENCIES
  pry
  rspec

BUNDLED WITH
<<<<<<< HEAD
   2.1.4
=======
   2.0.1
>>>>>>> cbd261811a3d3aac5796501b9c748d421d4060e1
